GEM
  remote: https://rubygems.org/
  specs:
    alexa_verifier (1.0.0)
    mqtt (0.5.0)
    mustermann (1.0.3)
    rack (2.0.8)
    rack-protection (2.0.5)
      rack
    rake (12.3.3)
    ralyxa (1.8.0)
      alexa_verifier (~> 1.0)
    sinatra (2.0.5)
      mustermann (~> 1.0)
      rack (~> 2.0)
      rack-protection (= 2.0.5)
      tilt (~> 2.0)
    tilt (2.0.9)

PLATFORMS
  ruby

DEPENDENCIES
  mqtt
  rake
  ralyxa
  sinatra

BUNDLED WITH
   2.0.2
